GEM
  remote: http://rubygems.org/
  specs:
    cli (1.1.1)
    diff-lcs (1.1.3)
    git (1.2.5)
    haddock (0.2.2)
    jeweler (1.8.4)
      bundler (~> 1.0)
      git (>= 1.2.5)
      rake
      rdoc
    json (1.7.5)
    rake (10.0.3)
    rdoc (3.12)
      json (~> 1.4)
    rspec (2.8.0)
      rspec-core (~> 2.8.0)
      rspec-expectations (~> 2.8.0)
      rspec-mocks (~> 2.8.0)
    rspec-core (2.8.0)
    rspec-expectations (2.8.0)
      diff-lcs (~> 1.1.2)
    rspec-mocks (2.8.0)
    sdl4r (0.9.11)

PLATFORMS
  ruby

DEPENDENCIES
  bundler (~> 1.1)
  cli (~> 1.1.1)
  haddock (~> 0.2)
  jeweler (~> 1.8.3)
  rdoc (~> 3.12)
  rspec (~> 2.8.0)
  sdl4r (~> 0.9)
